GEM
  remote: http://rubygems.org/
  specs:
    activesupport (2.3.18)
    addressable (2.3.8)
    iconv (1.0.4)
    json (1.8.3)
    mime-types (1.25.1)
    pg (0.18.4)
    rack (1.6.4)
    rest-client (1.6.9)
      mime-types (~> 1.16)
    sinatra (1.1.0)
      rack (~> 1.1)
      tilt (~> 1.1)
    tilt (1.4.1)
    unirest (1.1.2)
      addressable (~> 2.3.5)
      json (~> 1.8.1)
      rest-client (~> 1.6.7)
    yajl (0.3.4)
    yajl-ruby (1.2.1)

PLATFORMS
  ruby

DEPENDENCIES
  activesupport
  iconv (~> 1.0.3)
  pg
  sinatra (= 1.1.0)
  unirest
  yajl
  yajl-ruby

RUBY VERSION
   ruby 2.3.1p112

BUNDLED WITH
   1.13.1
